GEM
  remote: https://rubygems.org/
  specs:
    mail (2.6.1)
      mime-types (>= 1.16, < 3)
    mime-types (2.3)
    pony (1.10)
      mail (>= 2.0)
    rack (1.5.2)
    sinatra (1.1.0)
      rack (~> 1.1)
      tilt (~> 1.1)
    tilt (1.4.1)

PLATFORMS
  ruby

DEPENDENCIES
  pony (= 1.10)
  sinatra (= 1.1.0)
